PATH
  remote: .
  specs:
    rsync_cron (1.0.8)

GEM
  remote: https://rubygems.org/
  specs:
    minitest (5.10.3)
    rake (10.5.0)

PLATFORMS
  ruby

DEPENDENCIES
  bundler (~> 1.15)
  minitest (~> 5.0)
  rake (~> 10.0)
  rsync_cron!

BUNDLED WITH
   1.15.4
